PATH
  remote: ./../greenhouse
  specs:
    greenhouse (0.1.0)

GEM
  remote: https://rubygems.org/
  specs:
    coderay (1.1.1)
    cuba (3.6.0)
      rack (~> 1.6.0)
    method_source (0.8.2)
    pry (0.10.3)
      coderay (~> 1.1.0)
      method_source (~> 0.8.1)
      slop (~> 3.4)
    puma (3.4.0)
    rack (1.6.4)
    rack-livereload (0.3.16)
      rack
    slop (3.6.0)
    tilt (2.0.3)

PLATFORMS
  ruby

DEPENDENCIES
  cuba
  greenhouse!
  pry
  puma
  rack-livereload
  tilt

BUNDLED WITH
   1.12.1
